GEM
  remote: http://rubygems.org/
  specs:
    breakpoint (2.0.5)
      compass (>= 0.12.1)
      sass (>= 3.2.0)
    chunky_png (1.2.8)
    compass (0.13.alpha.4)
      chunky_png (~> 1.2)
      listen (<= 0.9.9)
      sass (~> 3.2.5)
    listen (0.7.3)
    rb-fsevent (0.9.3)
    sass (3.2.9)

PLATFORMS
  ruby

DEPENDENCIES
  breakpoint
  compass
  rb-fsevent (~> 0.9)
